GEM
  remote: https://rubygems.org/
  specs:
    coderay (1.1.1)
    json (2.0.2)
    method_source (0.8.2)
    pry (0.10.4)
      coderay (~> 1.1.0)
      method_source (~> 0.8.1)
      slop (~> 3.4)
    rake (11.3.0)
    slop (3.6.0)

PLATFORMS
  ruby

DEPENDENCIES
  json
  pry
  rake

BUNDLED WITH
   1.12.5
